GEM
  remote: http://ruby.taobao.org/
  specs:
    ansi (1.5.0)
    bindata (2.1.0)
    colored (1.2)
    domain_name (0.5.23)
      unf (>= 0.0.5, < 1.0.0)
    filesize (0.0.4)
    google-search (1.0.3)
      json
    htmlentities (4.3.3)
    http-cookie (1.0.2)
      domain_name (~> 0.5)
    json (1.8.2)
    mechanize (2.7.3)
      domain_name (~> 0.5, >= 0.5.1)
      http-cookie (~> 1.0)
      mime-types (~> 2.0)
      net-http-digest_auth (~> 1.1, >= 1.1.1)
      net-http-persistent (~> 2.5, >= 2.5.2)
      nokogiri (~> 1.4)
      ntlm-http (~> 0.1, >= 0.1.1)
      webrobots (>= 0.0.9, < 0.2)
    mime-types (2.4.3)
    mini_portile (0.6.2)
    net-http-digest_auth (1.4)
    net-http-persistent (2.9.4)
    nokogiri (1.6.6.2)
      mini_portile (~> 0.6.0)
    ntlm-http (0.1.1)
    power_assert (0.2.3)
    qqwry (0.0.3)
      bindata
    rack (1.6.0)
    rack-protection (1.5.3)
      rack
    rchardet19 (1.3.7)
    sinatra (1.4.5)
      rack (~> 1.4)
      rack-protection (~> 1.4)
      tilt (~> 1.3, >= 1.3.4)
    test-unit (3.0.9)
      power_assert
    tilt (1.4.1)
    unf (0.1.4)
      unf_ext
    unf_ext (0.0.6)
    webrobots (0.1.1)

PLATFORMS
  ruby

DEPENDENCIES
  ansi
  colored
  filesize
  google-search
  htmlentities
  mechanize
  qqwry
  rchardet19
  sinatra
  test-unit
