GEM
  remote: http://ruby.taobao.org/
  specs:
    ansi (1.4.3)
    bindata (1.6.0)
    colored (1.2)
    domain_name (0.5.15)
      unf (>= 0.0.5, < 1.0.0)
    filesize (0.0.2)
    google-search (1.0.3)
      json
    htmlentities (4.3.1)
    http-cookie (1.0.2)
      domain_name (~> 0.5)
    json (1.8.1)
    mechanize (2.7.3)
      domain_name (~> 0.5, >= 0.5.1)
      http-cookie (~> 1.0)
      mime-types (~> 2.0)
      net-http-digest_auth (~> 1.1, >= 1.1.1)
      net-http-persistent (~> 2.5, >= 2.5.2)
      nokogiri (~> 1.4)
      ntlm-http (~> 0.1, >= 0.1.1)
      webrobots (>= 0.0.9, < 0.2)
    mime-types (2.0)
    net-http-digest_auth (1.4)
    net-http-persistent (2.9)
    nokogiri (1.5.10)
    ntlm-http (0.1.1)
    qqwry (0.0.3)
      bindata
    rchardet19 (1.3.5)
    unf (0.1.3)
      unf_ext
    unf_ext (0.0.6)
    webrobots (0.1.1)

PLATFORMS
  ruby

DEPENDENCIES
  ansi
  colored
  filesize
  google-search
  htmlentities
  mechanize
  qqwry
  rchardet19
